PATH
  remote: ../cocoapods
  specs:
    cocoapods (1.8.4)
      activesupport (>= 4.0.2, < 5)
      claide (>= 1.0.2, < 2.0)
      cocoapods-core (= 1.8.4)
      cocoapods-deintegrate (>= 1.0.3, < 2.0)
      cocoapods-downloader (>= 1.2.2, < 2.0)
      cocoapods-plugins (>= 1.0.0, < 2.0)
      cocoapods-search (>= 1.0.0, < 2.0)
      cocoapods-stats (>= 1.0.0, < 2.0)
      cocoapods-trunk (>= 1.4.0, < 2.0)
      cocoapods-try (>= 1.1.0, < 2.0)
      colored2 (~> 3.1)
      escape (~> 0.0.4)
      fourflusher (>= 2.3.0, < 3.0)
      gh_inspector (~> 1.0)
      molinillo (~> 0.6.6)
      nap (~> 1.0)
      ruby-macho (~> 1.4)
      xcodeproj (>= 1.11.1, < 2.0)

PATH
  remote: ../xcodeproj
  specs:
    xcodeproj (1.15.0)
      CFPropertyList (>= 2.3.3, < 4.0)
      atomos (~> 0.1.3)
      claide (>= 1.0.2, < 2.0)
      colored2 (~> 3.1)
      nanaimo (~> 0.2.6)

PATH
  remote: .
  specs:
    cocoapods-imy-bin (0.2.0)
      cocoapods
      cocoapods-generate (= 1.6.0)
      parallel

GEM
  remote: https://rubygems.org/
  specs:
    CFPropertyList (3.0.2)
    activesupport (4.2.11.3)
      i18n (~> 0.7)
      minitest (~> 5.1)
      thread_safe (~> 0.3, >= 0.3.4)
      tzinfo (~> 1.1)
    algoliasearch (1.27.3)
      httpclient (~> 2.8, >= 2.8.3)
      json (>= 1.5.1)
    atomos (0.1.3)
    bacon (1.2.0)
    claide (1.0.3)
    cocoapods-core (1.8.4)
      activesupport (>= 4.0.2, < 6)
      algoliasearch (~> 1.0)
      concurrent-ruby (~> 1.1)
      fuzzy_match (~> 2.0.4)
      nap (~> 1.0)
    cocoapods-deintegrate (1.0.4)
    cocoapods-disable-podfile-validations (0.1.1)
    cocoapods-downloader (1.3.0)
    cocoapods-generate (1.6.0)
      cocoapods-disable-podfile-validations (~> 0.1.1)
    cocoapods-plugins (1.0.0)
      nap
    cocoapods-search (1.0.0)
    cocoapods-stats (1.1.0)
    cocoapods-trunk (1.5.0)
      nap (>= 0.8, < 2.0)
      netrc (~> 0.11)
    cocoapods-try (1.2.0)
    colored2 (3.1.2)
    concurrent-ruby (1.1.6)
    escape (0.0.4)
    fourflusher (2.3.1)
    fuzzy_match (2.0.4)
    gh_inspector (1.1.3)
    httpclient (2.8.3)
    i18n (0.9.5)
      concurrent-ruby (~> 1.0)
    json (2.3.0)
    minitest (5.14.1)
    mocha (1.11.2)
    mocha-on-bacon (0.2.3)
      mocha (>= 0.13.0)
    molinillo (0.6.6)
    nanaimo (0.2.6)
    nap (1.1.0)
    netrc (0.11.0)
    parallel (1.19.1)
    prettybacon (0.0.2)
      bacon (~> 1.2)
    ruby-macho (1.4.0)
    thread_safe (0.3.6)
    tzinfo (1.2.7)
      thread_safe (~> 0.1)

PLATFORMS
  ruby

DEPENDENCIES
  bacon
  cocoapods!
  cocoapods-generate (= 1.6.0)
  cocoapods-imy-bin!
  mocha
  mocha-on-bacon
  prettybacon
  xcodeproj!

BUNDLED WITH
   2.1.4
